RESTRICTION: == net46
NUGET
  remote: https://www.nuget.org/api/v2
    FSharp.Configuration (1.3)
      FSharp.Core (>= 4.0.0.1)
    FSharp.Core (4.2.1)
